GEM
  remote: http://rubygems.org/
  specs:
    adsf (1.2.0)
      rack (>= 1.0.0)
    coffee-script (2.2.0)
      coffee-script-source
      execjs
    coffee-script-source (1.7.0)
    colored (1.2)
    commonjs (0.2.7)
    cri (2.4.1)
      colored (>= 1.2)
    execjs (2.0.2)
    haml (4.0.5)
      tilt
    hike (1.2.3)
    json (1.8.1)
    kramdown (1.3.1)
    less (2.4.0)
      commonjs (~> 0.2.7)
    libv8 (3.16.14.3)
    mini_portile (0.5.2)
    multi_json (1.8.4)
    nanoc (3.6.7)
      cri (~> 2.3)
    nanoc-sprockets-filter (0.1.1)
      nanoc (>= 3.4.0)
      sprockets (>= 2.8.0)
    nokogiri (1.6.1)
      mini_portile (~> 0.5.0)
    rack (1.5.2)
    rake (10.1.1)
    ref (1.0.5)
    sass (3.2.14)
    sprockets (2.10.1)
      hike (~> 1.2)
      multi_json (~> 1.0)
      rack (~> 1.0)
      tilt (~> 1.1, != 1.3.0)
    sprockets-helpers (1.1.0)
      sprockets (~> 2.0)
    sprockets-less (0.6.0)
      less (~> 2.4)
      tilt (~> 1.1)
    sprockets-sass (1.0.2)
      sprockets (~> 2.0)
      tilt (~> 1.1)
    systemu (2.6.1)
    therubyracer (0.12.1)
      libv8 (~> 3.16.14.0)
      ref
    tilt (1.4.1)
    uglifier (2.4.0)
      execjs (>= 0.3.0)
      json (>= 1.8.0)
    w3c_validators (1.2)
      json
      nokogiri

PLATFORMS
  ruby

DEPENDENCIES
  adsf
  coffee-script
  haml
  kramdown
  less
  nanoc
  nanoc-sprockets-filter
  rake
  sass
  sprockets
  sprockets-helpers
  sprockets-less
  sprockets-sass
  systemu
  therubyracer
  uglifier
  w3c_validators
