GEM
  remote: http://rubygems.org/
  specs:
    adsf (1.2.0)
      rack (>= 1.0.0)
    coffee-script (2.3.0)
      coffee-script-source
      execjs
    coffee-script-source (1.8.0)
    colored (1.2)
    commonjs (0.2.7)
    cri (2.6.1)
      colored (~> 1.2)
    execjs (2.2.2)
    haml (4.0.6)
      tilt
    hike (1.2.3)
    json (1.8.1)
    kramdown (1.5.0)
    less (2.6.0)
      commonjs (~> 0.2.7)
    libv8 (3.16.14.7)
    mini_portile (0.6.2)
    multi_json (1.10.1)
    nanoc (3.7.4)
      cri (~> 2.3)
    nanoc-gzip-filter (0.0.1)
      nanoc (>= 3.4.0)
    nanoc-sprockets-filter (0.1.1)
      nanoc (>= 3.4.0)
      sprockets (>= 2.8.0)
    nokogiri (1.6.5)
      mini_portile (~> 0.6.0)
    rack (1.6.0)
    rake (10.4.2)
    ref (1.0.5)
    sass (3.4.9)
    sprockets (2.12.3)
      hike (~> 1.2)
      multi_json (~> 1.0)
      rack (~> 1.0)
      tilt (~> 1.1, != 1.3.0)
    sprockets-helpers (1.1.0)
      sprockets (~> 2.0)
    sprockets-less (0.6.1)
      less (~> 2.4)
      tilt (~> 1.1)
    sprockets-sass (1.3.1)
      sprockets (~> 2.0)
      tilt (~> 1.1)
    systemu (2.6.4)
    therubyracer (0.12.0)
      libv8 (~> 3.16.14.0)
      ref
    tilt (1.4.1)
    uglifier (2.6.0)
      execjs (>= 0.3.0)
      json (>= 1.8.0)
    w3c_validators (1.2)
      json
      nokogiri

PLATFORMS
  ruby

DEPENDENCIES
  adsf
  coffee-script
  haml
  kramdown
  less
  nanoc
  nanoc-gzip-filter
  nanoc-sprockets-filter
  rake
  sass
  sprockets
  sprockets-helpers
  sprockets-less
  sprockets-sass
  systemu
  therubyracer (= 0.12.0)
  uglifier
  w3c_validators
